GEM
  remote: https://rubygems.org/
  specs:
    ac-library-rb (1.2.0)
      prime
    forwardable (1.3.3)
    prime (0.1.3)
      forwardable
      singleton
    singleton (0.3.0)

PLATFORMS
  arm64-darwin-23

DEPENDENCIES
  ac-library-rb

BUNDLED WITH
   2.4.18
